GEM
  remote: https://rubygems.org/
  specs:
    byebug (11.0.1)
    concurrent-ruby (1.1.5)
    diff-lcs (1.3)
    dry-configurable (0.8.3)
      concurrent-ruby (~> 1.0)
      dry-core (~> 0.4, >= 0.4.7)
    dry-container (0.7.2)
      concurrent-ruby (~> 1.0)
      dry-configurable (~> 0.1, >= 0.1.3)
    dry-core (0.4.8)
      concurrent-ruby (~> 1.0)
    dry-equalizer (0.2.2)
    dry-inflector (0.1.2)
    dry-initializer (2.5.0)
    dry-logic (0.4.2)
      dry-container (~> 0.2, >= 0.2.6)
      dry-core (~> 0.2)
      dry-equalizer (~> 0.2)
    dry-struct (0.4.0)
      dry-core (~> 0.4, >= 0.4.1)
      dry-equalizer (~> 0.2)
      dry-types (~> 0.12, >= 0.12.2)
      ice_nine (~> 0.11)
    dry-types (0.12.3)
      concurrent-ruby (~> 1.0)
      dry-configurable (~> 0.1)
      dry-container (~> 0.3)
      dry-core (~> 0.2, >= 0.2.1)
      dry-equalizer (~> 0.2)
      dry-logic (~> 0.4, >= 0.4.2)
      inflecto (~> 0.0.0, >= 0.0.2)
    dry-validation (0.11.2)
      concurrent-ruby (~> 1.0)
      dry-configurable (~> 0.1, >= 0.1.3)
      dry-core (~> 0.2, >= 0.2.1)
      dry-equalizer (~> 0.2)
      dry-logic (~> 0.4.2)
      dry-types (~> 0.12.0)
    hanami (1.3.1)
      bundler (>= 1.6, < 3)
      concurrent-ruby (~> 1.0)
      hanami-assets (~> 1.3)
      hanami-cli (~> 0.3)
      hanami-controller (~> 1.3)
      hanami-helpers (~> 1.3)
      hanami-mailer (~> 1.3)
      hanami-router (~> 1.3)
      hanami-utils (~> 1.3)
      hanami-validations (~> 1.3)
      hanami-view (~> 1.3)
    hanami-assets (1.3.1)
      hanami-helpers (~> 1.3)
      hanami-utils (~> 1.3)
      tilt (~> 2.0, >= 2.0.2)
    hanami-cli (0.3.1)
      concurrent-ruby (~> 1.0)
      hanami-utils (~> 1.3)
    hanami-controller (1.3.2)
      hanami-utils (~> 1.3)
      rack (~> 2.0)
    hanami-helpers (1.3.1)
      hanami-utils (~> 1.3)
    hanami-mailer (1.3.1)
      hanami-utils (~> 1.3)
      mail (~> 2.6)
      tilt (~> 2.0, >= 2.0.1)
    hanami-router (1.3.1)
      hanami-utils (~> 1.3)
      http_router (= 0.11.2)
      rack (~> 2.0)
    hanami-utils (1.3.2)
      concurrent-ruby (~> 1.0)
      transproc (~> 1.0)
    hanami-validations (1.3.3)
      dry-logic (~> 0.4.2, < 0.5)
      dry-validation (~> 0.11, < 0.12)
      hanami-utils (~> 1.3)
    hanami-view (1.3.1)
      hanami-utils (~> 1.3)
      tilt (~> 2.0, >= 2.0.1)
    http_router (0.11.2)
      rack (>= 1.0.0)
      url_mount (~> 0.2.1)
    ice_nine (0.11.2)
    inflecto (0.0.2)
    mail (2.7.1)
      mini_mime (>= 0.1.1)
    mini_mime (1.0.2)
    rack (2.0.7)
    rom (4.2.1)
      rom-changeset (~> 1.0, >= 1.0.2)
      rom-core (~> 4.2, >= 4.2.1)
      rom-repository (~> 2.0, >= 2.0.2)
    rom-changeset (1.0.2)
      dry-core (~> 0.3, >= 0.3.1)
      rom-core (~> 4.0)
      transproc (~> 1.0)
    rom-core (4.2.1)
      concurrent-ruby (~> 1.0)
      dry-container (~> 0.6)
      dry-core (~> 0.3)
      dry-equalizer (~> 0.2)
      dry-inflector (~> 0.1)
      dry-initializer (~> 2.0)
      dry-types (~> 0.12.1)
      rom-mapper (~> 1.2, >= 1.2.1)
    rom-mapper (1.2.1)
      dry-core (~> 0.3, >= 0.3.1)
      dry-equalizer (~> 0.2)
      dry-struct (~> 0.4.0)
      dry-types (~> 0.12.1)
      transproc (~> 1.0)
    rom-repository (2.0.2)
      dry-core (~> 0.3)
      dry-initializer (~> 2.0)
      rom-core (~> 4.0)
    rspec (3.8.0)
      rspec-core (~> 3.8.0)
      rspec-expectations (~> 3.8.0)
      rspec-mocks (~> 3.8.0)
    rspec-core (3.8.2)
      rspec-support (~> 3.8.0)
    rspec-expectations (3.8.4)
      diff-lcs (>= 1.2.0, < 2.0)
      rspec-support (~> 3.8.0)
    rspec-mocks (3.8.1)
      diff-lcs (>= 1.2.0, < 2.0)
      rspec-support (~> 3.8.0)
    rspec-support (3.8.2)
    tilt (2.0.9)
    transproc (1.1.0)
    url_mount (0.2.1)
      rack

PLATFORMS
  ruby

DEPENDENCIES
  byebug
  hanami
  rom
  rspec

BUNDLED WITH
   1.17.2
